GIT
  remote: git://github.com/haramako/fc.git
  revision: 903c3b2e4360810f1d8d483033da7f65c85cfa2a
  specs:
    fc (0.0.1)

GIT
  remote: git://github.com/haramako/r6502.git
  revision: c63d05c61e1f64f22d220e1200e5615a8f1807e2
  specs:
    r6502 (0.0.2)

GEM
  remote: https://rubygems.org/
  specs:
    ffi (1.9.3)
    ffi (1.9.3-x86-mingw32)
    gd2-ffij (0.1.2)
      ffi (>= 1.0.0)
    rake (10.1.1)

PLATFORMS
  ruby
  x86-mingw32

DEPENDENCIES
  fc!
  gd2-ffij
  r6502!
  rake
